GEM
  remote: http://rubygems.org/
  specs:
    activesupport (2.3.5)
    rake (0.8.7)

PLATFORMS
  ruby

DEPENDENCIES
  activesupport (~> 2.3)
  rake
